GEM
  remote: https://rubygems.org/
  specs:
    dotenv (0.10.0)
    pg (0.17.1)
    rack (1.5.2)
    rack-protection (1.5.3)
      rack
    sequel (4.8.0)
    sinatra (1.4.4)
      rack (~> 1.4)
      rack-protection (~> 1.4)
      tilt (~> 1.3, >= 1.3.4)
    tilt (1.4.1)

PLATFORMS
  ruby

DEPENDENCIES
  dotenv (= 0.10.0)
  pg (= 0.17.1)
  sequel (= 4.8.0)
  sinatra (= 1.4.4)
